GEM
  remote: https://rubygems.org/
  specs:
    colored (1.2)
    cri (2.6.1)
      colored (~> 1.2)
    deep_merge (1.2.1)
    diff-lcs (1.3)
    docker-api (1.34.2)
      excon (>= 0.47.0)
      multi_json
    escort (0.4.0)
      nesty
    excon (0.71.1)
    facter (2.5.6)
    faraday (0.13.1)
      multipart-post (>= 1.2, < 3)
    faraday_middleware (0.12.2)
      faraday (>= 0.7.4, < 1.0)
    fast_gettext (1.1.2)
    gettext (3.2.9)
      locale (>= 2.0.5)
      text (>= 1.3.0)
    gettext-setup (0.34)
      fast_gettext (~> 1.1.0)
      gettext (>= 3.0.2, < 3.3.0)
      locale
    hiera (3.6.0)
    hocon (1.3.0)
    httpclient (2.8.3)
    little-plugger (1.1.4)
    locale (2.1.2)
    log4r (1.1.10)
    logging (2.2.2)
      little-plugger (~> 1.1)
      multi_json (~> 1.10)
    minitar (0.6.1)
    mocha (1.11.2)
    multi_json (1.14.1)
    multipart-post (2.1.1)
    nesty (1.0.2)
    pdqtest (2.0.5)
      deep_merge (~> 1.2)
      docker-api (= 1.34.2)
      escort (= 0.4.0)
      logging (~> 2.2)
      minitar (= 0.6.1)
      r10k (= 2.6.4)
      rake (= 12.3.1)
      thor (~> 0.19)
    puppet (6.0.2)
      facter (> 2.0.1, < 4)
      fast_gettext (~> 1.1.2)
      hiera (>= 3.2.1, < 4)
      httpclient (~> 2.8)
      locale (~> 2.1)
      multi_json (~> 1.10)
      puppet-resource_api (~> 1.5)
      semantic_puppet (~> 1.0)
    puppet-lint (2.3.6)
    puppet-resource_api (1.8.7)
      hocon (>= 1.0)
    puppet-strings (2.1.0)
      rgen
      yard (~> 0.9.5)
    puppet-syntax (2.4.1)
      rake
    puppet_forge (2.2.9)
      faraday (>= 0.9.0, < 0.14.0)
      faraday_middleware (>= 0.9.0, < 0.13.0)
      gettext-setup (~> 0.11)
      minitar
      semantic_puppet (~> 1.0)
    puppetlabs_spec_helper (2.11.0)
      mocha (~> 1.0)
      puppet-lint (~> 2.0)
      puppet-syntax (~> 2.0)
      rspec-puppet (~> 2.0)
    r10k (2.6.4)
      colored (= 1.2)
      cri (~> 2.6.1)
      gettext-setup (~> 0.5)
      log4r (= 1.1.10)
      multi_json (~> 1.10)
      puppet_forge (~> 2.2.8)
    rake (12.3.1)
    rgen (0.8.2)
    rspec (3.9.0)
      rspec-core (~> 3.9.0)
      rspec-expectations (~> 3.9.0)
      rspec-mocks (~> 3.9.0)
    rspec-core (3.9.1)
      rspec-support (~> 3.9.1)
    rspec-expectations (3.9.0)
      diff-lcs (>= 1.2.0, < 2.0)
      rspec-support (~> 3.9.0)
    rspec-mocks (3.9.1)
      diff-lcs (>= 1.2.0, < 2.0)
      rspec-support (~> 3.9.0)
    rspec-puppet (2.7.8)
      rspec
    rspec-support (3.9.2)
    semantic_puppet (1.0.2)
    text (1.3.1)
    thor (0.20.3)
    yard (0.9.24)

PLATFORMS
  ruby

DEPENDENCIES
  pdqtest (= 2.0.5)
  puppet (= 6.0.2)
  puppet-lint (= 2.3.6)
  puppet-strings (= 2.1.0)
  puppet-syntax (= 2.4.1)
  puppetlabs_spec_helper (= 2.11.0)
  rake (= 12.3.1)

BUNDLED WITH
   2.0.1
